GIT
  remote: git://github.com/intridea/omniauth-browserid.git
  revision: 6ed5bf871a7cf753ab0e442d2b710d5a2630814f
  specs:
    omniauth-browserid (0.0.1)
      faraday
      multi_json
      omniauth (~> 1.0)

GIT
  remote: git://github.com/intridea/omniauth.git
  revision: cfd41522ec85127f14d30be442246e2a82425bd5
  specs:
    omniauth (1.1.1)
      hashie (~> 1.2)
      rack

GIT
  remote: git://github.com/javan/whenever.git
  revision: 1a1313404c9a702288e21a33f42afc08d25323bb
  specs:
    whenever (0.7.0)
      activesupport (>= 2.3.4)
      chronic (~> 0.6.3)

GIT
  remote: git://github.com/mbleigh/acts-as-taggable-on.git
  revision: 4690e041e59114ad1d42efaa463462140a703dba
  specs:
    acts-as-taggable-on (2.2.2)
      rails (~> 3.0)

GIT
  remote: git://github.com/medihack/make_voteable.git
  revision: 106adecfad30175ce0ecd741ed4a9ee02f7cfa91
  specs:
    make_voteable (0.1.0)
      activerecord (~> 3.0)

GIT
  remote: git://github.com/raid5/paths_of_glory.git
  revision: 434079d38e1c2621c4defd403ed65fcf818164dd
  branch: rails3
  specs:
    paths_of_glory (0.2.0)

GIT
  remote: git://github.com/sferik/twitter.git
  revision: 55f635e4d61c7a4477561839935cb0f41e0a5193
  tag: v2.2.0
  specs:
    twitter (2.2.0)
      activesupport (>= 2.3.9, < 4)
      faraday (~> 0.7)
      multi_json (~> 1.0)
      simple_oauth (~> 0.1)

GIT
  remote: git://github.com/sylturner/bitly.git
  revision: 5a66b03151b34bf050c10abf214c661b7e9a4809
  specs:
    bitly (0.6.2)
      crack (>= 0.1.4)
      httparty (>= 0.7.6)
      oauth2 (>= 0.1.1)

GEM
  remote: http://rubygems.org/
  remote: http://gems.github.com/
  specs:
    POpen4 (0.1.4)
      Platform (>= 0.4.0)
      open4
    Platform (0.4.0)
    actionmailer (3.2.13)
      actionpack (= 3.2.13)
      mail (~> 2.5.3)
    actionpack (3.2.13)
      activemodel (= 3.2.13)
      activesupport (= 3.2.13)
      builder (~> 3.0.0)
      erubis (~> 2.7.0)
      journey (~> 1.0.4)
      rack (~> 1.4.5)
      rack-cache (~> 1.2)
      rack-test (~> 0.6.1)
      sprockets (~> 2.2.1)
    activemodel (3.2.13)
      activesupport (= 3.2.13)
      builder (~> 3.0.0)
    activerecord (3.2.13)
      activemodel (= 3.2.13)
      activesupport (= 3.2.13)
      arel (~> 3.0.2)
      tzinfo (~> 0.3.29)
    activeresource (3.2.13)
      activemodel (= 3.2.13)
      activesupport (= 3.2.13)
    activesupport (3.2.13)
      i18n (= 0.6.1)
      multi_json (~> 1.0)
    addressable (2.3.2)
    airbrake (3.1.6)
      builder
      girl_friday
    arel (3.0.2)
    builder (3.0.4)
    capistrano (2.6.0)
      highline
      net-scp (>= 1.0.0)
      net-sftp (>= 2.0.0)
      net-ssh (>= 2.0.14)
      net-ssh-gateway (>= 1.1.0)
    chronic (0.6.6)
    coffee-rails (3.2.2)
      coffee-script (>= 2.2.0)
      railties (~> 3.2.0)
    coffee-script (2.2.0)
      coffee-script-source
      execjs
    coffee-script-source (1.4.0)
    connection_pool (0.9.3)
    crack (0.3.1)
    dancroak-twitter-search (0.5.8)
      json (>= 1.1.2)
    delorean (1.2.0)
      chronic
    erubis (2.7.0)
    execjs (1.4.0)
      multi_json (~> 1.0)
    faraday (0.7.6)
      addressable (~> 2.2)
      multipart-post (~> 1.1)
      rack (~> 1.1)
    fgraph (0.7.0)
      httparty (>= 0.5.0)
    friendly_id (4.0.9)
    girl_friday (0.11.1)
      connection_pool (~> 0.9.0)
      rubinius-actor
    hashie (1.2.0)
    highline (1.6.2)
    hike (1.2.2)
    httparty (0.8.1)
      multi_json
      multi_xml
    i18n (0.6.1)
    journey (1.0.4)
    jquery-rails (2.1.4)
      railties (>= 3.0, < 5.0)
      thor (>= 0.14, < 2.0)
    json (1.7.7)
    jwt (0.1.4)
      json (>= 1.2.4)
    mail (2.5.3)
      i18n (>= 0.4.0)
      mime-types (~> 1.16)
      treetop (~> 1.4.8)
    mime-types (1.22)
    mobile-fu (1.0.0)
      rack-mobile-detect
      rails
    multi_json (1.0.4)
    multi_xml (0.5.1)
    multipart-post (1.1.5)
    mysql (2.8.1)
    net-scp (1.0.4)
      net-ssh (>= 1.99.1)
    net-sftp (2.0.5)
      net-ssh (>= 2.0.9)
    net-ssh (2.1.4)
    net-ssh-gateway (1.1.0)
      net-ssh (>= 1.99.1)
    oauth (0.4.7)
    oauth2 (0.5.0)
      faraday (>= 0.6.1, < 0.8)
      multi_json (~> 1.0.0)
    omniauth-facebook (1.2.0)
      omniauth-oauth2 (~> 1.0.0)
    omniauth-oauth (1.0.1)
      oauth
      omniauth (~> 1.0)
    omniauth-oauth2 (1.0.0)
      oauth2 (~> 0.5.0)
      omniauth (~> 1.0)
    omniauth-twitter (0.0.9)
      omniauth-oauth (~> 1.0)
    open4 (1.3.0)
    polyglot (0.3.3)
    profanity_filter (0.1.1)
    rack (1.4.5)
    rack-cache (1.2)
      rack (>= 0.4)
    rack-mobile-detect (0.3.0)
      rack
    rack-ssl (1.3.3)
      rack
    rack-test (0.6.2)
      rack (>= 1.0)
    rails (3.2.13)
      actionmailer (= 3.2.13)
      actionpack (= 3.2.13)
      activerecord (= 3.2.13)
      activeresource (= 3.2.13)
      activesupport (= 3.2.13)
      bundler (~> 1.0)
      railties (= 3.2.13)
    rails-asset-jqueryui (0.0.3)
      jquery-rails
    railties (3.2.13)
      actionpack (= 3.2.13)
      activesupport (= 3.2.13)
      rack-ssl (~> 1.3.2)
      rake (>= 0.8.7)
      rdoc (~> 3.4)
      thor (>= 0.14.6, < 2.0)
    rake (10.0.4)
    rdoc (3.12.2)
      json (~> 1.4)
    rubinius-actor (0.0.2)
      rubinius-core-api
    rubinius-core-api (0.0.1)
    sass (3.2.3)
    sass-rails (3.2.5)
      railties (~> 3.2.0)
      sass (>= 3.1.10)
      tilt (~> 1.3)
    simple_oauth (0.2.0)
    sprockets (2.2.2)
      hike (~> 1.2)
      multi_json (~> 1.0)
      rack (~> 1.0)
      tilt (~> 1.1, != 1.3.0)
    sqlite3 (1.3.5)
    thor (0.18.1)
    tilt (1.3.7)
    treetop (1.4.12)
      polyglot
      polyglot (>= 0.3.1)
    twilio-ruby (3.6.0)
      builder (>= 2.1.2)
      jwt (>= 0.1.2)
      multi_json (>= 1.0.3)
    tzinfo (0.3.37)
    uglifier (1.3.0)
      execjs (>= 0.3.0)
      multi_json (~> 1.0, >= 1.0.2)
    yui-compressor (0.9.6)
      POpen4 (>= 0.1.4)

PLATFORMS
  ruby

DEPENDENCIES
  acts-as-taggable-on!
  airbrake
  bitly!
  capistrano
  coffee-rails
  dancroak-twitter-search
  delorean
  fgraph
  friendly_id
  jquery-rails
  make_voteable!
  mobile-fu
  mysql
  omniauth!
  omniauth-browserid!
  omniauth-facebook
  omniauth-twitter
  paths_of_glory!
  profanity_filter
  rails (= 3.2.13)
  rails-asset-jqueryui
  sass-rails
  sqlite3
  twilio-ruby
  twitter!
  uglifier
  whenever!
  yui-compressor